GEM
  remote: http://rubygems.org/
  specs:
    chunky_png (1.2.5)
    cmdparse (2.0.3)
    compass (0.11.5)
      chunky_png (~> 1.2)
      fssm (>= 0.2.7)
      sass (~> 3.1)
    compass-growl (0.0.5)
      compass (~> 0.11.1)
      growl_notify
    ffi (1.0.10)
    fssm (0.2.7)
    growl_notify (0.0.3)
      rb-appscript
    guard (0.8.8)
      thor (~> 0.14.6)
    guard-compass (0.0.6)
      compass (>= 0.10.5)
      guard (>= 0.2.1)
    guard-process (1.0.2)
      ffi (~> 1.0.9)
      guard (>= 0.4.2)
      spoon (~> 0.0.1)
    haml (3.1.3)
    juicer (1.0.13)
      cmdparse
      nokogiri (>= 1.5.0)
      rubyzip
    nokogiri (1.5.0)
    oily_png (1.0.2)
      chunky_png (~> 1.2.1)
    rb-appscript (0.6.1)
    rubyzip (0.9.4)
    sass (3.1.10)
    spoon (0.0.1)
    thor (0.14.6)

PLATFORMS
  ruby

DEPENDENCIES
  chunky_png
  compass
  compass-growl
  guard
  guard-compass
  guard-process
  haml
  juicer
  oily_png
  sass
